GEM
  remote: https://rubygems.org/
  specs:
    aws-sdk (2.2.37)
      aws-sdk-resources (= 2.2.37)
    aws-sdk-core (2.2.37)
      jmespath (~> 1.0)
    aws-sdk-resources (2.2.37)
      aws-sdk-core (= 2.2.37)
    jmespath (1.2.4)
      json_pure (>= 1.8.1)
    json_pure (1.8.3)
    oj (2.15.0)
    ox (2.4.1)
    terraforming (0.7.0)
      aws-sdk (~> 2.2.7)
      oj
      ox
      thor
    thor (0.19.1)

PLATFORMS
  ruby

DEPENDENCIES
  terraforming

BUNDLED WITH
   1.11.2
